GEM
  remote: https://rubygems.org/
  specs:
    influxdb (0.5.3)

PLATFORMS
  ruby

DEPENDENCIES
  influxdb

BUNDLED WITH
   1.16.1
